GEM
  remote: https://rubygems.org/
  specs:
    webrick (1.7.0)

PLATFORMS
  universal-darwin-20
  x86_64-linux

DEPENDENCIES
  webrick

RUBY VERSION
   ruby 3.0.1p64

BUNDLED WITH
   2.2.17
