GEM
  remote: https://rubygems.org/
  specs:

PLATFORMS
  universal-darwin-20

DEPENDENCIES

RUBY VERSION
   ruby 2.6.3p62

BUNDLED WITH
   2.2.17
